GEM
  remote: https://rubygems.org/
  specs:
    colorize (0.8.1)
    rack (1.6.5)
    rack-protection (1.5.3)
      rack
    rake (12.0.0)
    sinatra (1.4.7)
      rack (~> 1.5)
      rack-protection (~> 1.4)
      tilt (>= 1.3, < 3)
    tilt (2.0.5)

PLATFORMS
  ruby

DEPENDENCIES
  colorize
  rake
  sinatra

BUNDLED WITH
   1.13.6
